GIT
  remote: https://github.com/mattruzicka/evolvable.git
  revision: 7121d120db5c608a299793ad77c645244fdc88b0
  branch: genes
  specs:
    evolvable (0.1.3)

PATH
  remote: .
  specs:
    evolvable_light (0.1.0)

GEM
  remote: https://rubygems.org/
  specs:
    diff-lcs (1.3)
    dino (0.11.2)
      serialport
    rake (13.0.1)
    rspec (3.8.0)
      rspec-core (~> 3.8.0)
      rspec-expectations (~> 3.8.0)
      rspec-mocks (~> 3.8.0)
    rspec-core (3.8.2)
      rspec-support (~> 3.8.0)
    rspec-expectations (3.8.4)
      diff-lcs (>= 1.2.0, < 2.0)
      rspec-support (~> 3.8.0)
    rspec-mocks (3.8.1)
      diff-lcs (>= 1.2.0, < 2.0)
      rspec-support (~> 3.8.0)
    rspec-support (3.8.2)
    serialport (1.3.1)

PLATFORMS
  ruby

DEPENDENCIES
  bundler (~> 2.0)
  dino
  evolvable!
  evolvable_light!
  rake (~> 13.0)
  rspec (~> 3.0)

BUNDLED WITH
   2.0.1
